GEM
  remote: https://rubygems.org/
  specs:
    builder (3.2.2)
    ci_reporter (2.0.0)
      builder (>= 2.1.2)
    diff-lcs (1.2.5)
    docile (1.1.5)
    json (1.8.1)
    rspec (3.5.0)
      rspec-core (~> 3.5.0)
      rspec-expectations (~> 3.5.0)
      rspec-mocks (~> 3.5.0)
    rspec-core (3.5.1)
      rspec-support (~> 3.5.0)
    rspec-expectations (3.5.0)
      diff-lcs (>= 1.2.0, < 2.0)
      rspec-support (~> 3.5.0)
    rspec-mocks (3.5.0)
      diff-lcs (>= 1.2.0, < 2.0)
      rspec-support (~> 3.5.0)
    rspec-support (3.5.0)
    simplecov (0.12.0)
      docile (~> 1.1.0)
      json (>= 1.8, < 3)
      simplecov-html (~> 0.10.0)
    simplecov-html (0.10.0)
    simplecov-rcov (0.2.3)
      simplecov (>= 0.4.1)

PLATFORMS
  x86-mingw32

DEPENDENCIES
  ci_reporter
  rspec
  simplecov
  simplecov-rcov
